GEM
  remote: http://rubygems.org/
  specs:
    activemodel (3.1.0)
      activesupport (= 3.1.0)
      bcrypt-ruby (~> 3.0.0)
      builder (~> 3.0.0)
      i18n (~> 0.6)
    activesupport (3.1.0)
      multi_json (~> 1.0)
    appraisal (0.3.8)
      bundler
      rake
    bcrypt-ruby (3.0.0)
    builder (3.0.0)
    concurrent-ruby (1.1.5)
    i18n (0.9.5)
      concurrent-ruby (~> 1.0)
    mocha (0.9.12)
    multi_json (1.0.3)
    rake (0.8.7)
    shoulda (2.11.3)

PLATFORMS
  ruby

DEPENDENCIES
  activemodel (~> 3.0)
  appraisal
  mocha (~> 0.9.8)
  rake (~> 0.8.7)
  shoulda (~> 2.11.3)
